GEM
  remote: https://rubygems.org/
  specs:
    httparty (0.16.2)
      multi_xml (>= 0.5.2)
    minitest (5.14.0)
    multi_xml (0.6.0)
    rake (10.5.0)

PLATFORMS
  ruby

DEPENDENCIES
  httparty (= 0.16.2)
  minitest
  rake (~> 10.0)

BUNDLED WITH
   2.0.1
